RESTRICTION: == net45
NUGET
  remote: https://www.nuget.org/api/v2
    Eto.Forms (2.3)
    Eto.Platform.Gtk (2.3)
      Eto.Forms (2.3)
    Eto.Platform.Gtk3 (2.3)
      Eto.Forms (2.3)
    Eto.Platform.Windows (2.3)
      Eto.Forms (2.3)
    Eto.Platform.Wpf (2.3)
      Eto.Forms (2.3)
    FAKE (4.63)
    FSharp.Core (4.2.3)
