RESTRICTION: == net45
NUGET
  remote: https://www.nuget.org/api/v2
    FAKE (4.63)
    FSharp.Core (4.2.3)
